PATH
  remote: .
  specs:
    blue_shoes (0.0.2)
      qtbindings (~> 4.6.3.0)

GEM
  remote: http://rubygems.org/
  specs:
    diff-lcs (1.1.2)
    qtbindings (4.6.3.4)
    qtbindings (4.6.3.4-x86-mingw32)
    rspec (2.0.0.beta.22)
      rspec-core (= 2.0.0.beta.22)
      rspec-expectations (= 2.0.0.beta.22)
      rspec-mocks (= 2.0.0.beta.22)
    rspec-core (2.0.0.beta.22)
    rspec-expectations (2.0.0.beta.22)
      diff-lcs (>= 1.1.2)
    rspec-mocks (2.0.0.beta.22)
      rspec-core (= 2.0.0.beta.22)
      rspec-expectations (= 2.0.0.beta.22)

PLATFORMS
  ruby
  x86-mingw32

DEPENDENCIES
  blue_shoes!
  rspec (~> 2.0.0.beta.22)
